GIT
  remote: git://github.com/alf-tool/alf-core
  revision: b482b71ac1c011cd57107fd85486c84cf6e3ed91
  specs:
    alf-core (0.13.0)
      domain (~> 1.0)
      myrrha (~> 3.0)
      path (~> 1.3)
      sexpr (~> 0.5.1)

GIT
  remote: git://github.com/blambeau/polygon
  revision: ca8da037e4196edaece865e18c9dcc90696fc1dc
  specs:
    polygon (0.9.1)
      alf-core (~> 0.13.0)
      http (~> 0.0.1)
      json
      launchy (~> 2.0)
      path (~> 1.3)
      quickl (~> 0.4.2)
      sinatra (~> 1.3)
      wlang (~> 2.1)

GIT
  remote: git://github.com/blambeau/wlang
  revision: 1402b23a097b7fa21fbe8e3f3ca2956b31869f32
  branch: wlang2
  specs:
    wlang (2.1.2)
      backports (~> 2.6)
      citrus (~> 2.4.1)
      path (~> 1.3)
      quickl (~> 0.4.3)
      temple (~> 0.4.0)

GIT
  remote: git://github.com/sinatra/sinatra
  revision: f8c038546109e33a6a263c82e9defe48c07ae3bd
  specs:
    sinatra (1.4.0)
      rack (~> 1.5, >= 1.5.2)
      rack-protection (~> 1.4)
      tilt (~> 1.3, >= 1.3.4)

GEM
  remote: http://rubygems.org/
  specs:
    addressable (2.3.3)
    backports (2.8.2)
    citrus (2.4.1)
    coderay (1.0.9)
    daemons (1.1.9)
    diff-lcs (1.2.1)
    domain (1.0.0)
    eventmachine (1.0.1)
    eventmachine (1.0.1-x86-mingw32)
    guard (1.6.2)
      listen (>= 0.6.0)
      lumberjack (>= 1.0.2)
      pry (>= 0.9.10)
      terminal-table (>= 1.4.3)
      thor (>= 0.14.6)
    guard-shell (0.5.1)
      guard (>= 1.1.0)
    http (0.0.2)
    json (1.7.7)
    launchy (2.2.0)
      addressable (~> 2.3)
    listen (0.7.3)
    lumberjack (1.0.2)
    method_source (0.8.1)
    myrrha (3.0.0)
      domain (~> 1.0)
    path (1.3.1)
    pry (0.9.12)
      coderay (~> 1.0.5)
      method_source (~> 0.8)
      slop (~> 3.4)
    pry (0.9.12-x86-mingw32)
      coderay (~> 1.0.5)
      method_source (~> 0.8)
      slop (~> 3.4)
      win32console (~> 1.3)
    quickl (0.4.3)
    rack (1.5.2)
    rack-protection (1.4.0)
      rack
    rack-test (0.6.2)
      rack (>= 1.0)
    rake (10.0.3)
    redcarpet (2.0.1)
    rspec (2.13.0)
      rspec-core (~> 2.13.0)
      rspec-expectations (~> 2.13.0)
      rspec-mocks (~> 2.13.0)
    rspec-core (2.13.0)
    rspec-expectations (2.13.0)
      diff-lcs (>= 1.1.3, < 2.0)
    rspec-mocks (2.13.0)
    sexpr (0.5.1)
    slop (3.4.3)
    temple (0.4.1)
    terminal-table (1.4.5)
    thin (1.5.0)
      daemons (>= 1.0.9)
      eventmachine (>= 0.12.6)
      rack (>= 1.0.0)
    thor (0.17.0)
    tilt (1.3.4)
    win32console (1.3.2-x86-mingw32)

PLATFORMS
  ruby
  x86-mingw32

DEPENDENCIES
  alf-core!
  eventmachine (~> 1.0)
  guard (~> 1.1)
  guard-shell (~> 0.5.1)
  http (~> 0.0.1)
  json
  launchy (~> 2.0)
  polygon!
  quickl (~> 0.4.2)
  rack-test (~> 0.6.1)
  rake (~> 10.0)
  redcarpet (~> 2.0.1)
  rspec (~> 2.10)
  sinatra!
  thin (~> 1.3)
  wlang!
