GIT
  remote: git://github.com/blambeau/grit.git
  revision: 099fed8c32ffe910836abbabc9a6997de55e5783
  specs:
    grit (2.4.1)
      diff-lcs (~> 1.1)
      mime-types (~> 1.15)
      posix-spawn (~> 0.3.6)

PATH
  remote: ../websync
  specs:
    websync (0.0.1)
      grit (~> 2.4.1)

GEM
  remote: http://rubygems.org/
  specs:
    capybara (1.1.1)
      mime-types (>= 1.16)
      nokogiri (>= 1.3.3)
      rack (>= 1.0.0)
      rack-test (>= 0.5.4)
      selenium-webdriver (~> 2.0)
      xpath (~> 0.1.4)
    childprocess (0.2.2)
      ffi (~> 1.0.6)
    diff-lcs (1.1.3)
    ffi (1.0.10)
    http (0.0.1)
    json_pure (1.6.1)
    kramdown (0.13.3)
    mime-types (1.16)
    nokogiri (1.5.0)
    posix-spawn (0.3.6)
    rack (1.3.5)
    rack-protection (1.1.4)
      rack
    rack-test (0.6.1)
      rack (>= 1.0)
    rake (0.9.2)
    rubyzip (0.9.4)
    selenium-webdriver (2.8.0)
      childprocess (>= 0.2.1)
      ffi (>= 1.0.7)
      json_pure
      rubyzip
    sinatra (1.3.1)
      rack (>= 1.3.4, ~> 1.3)
      rack-protection (>= 1.1.2, ~> 1.1)
      tilt (>= 1.3.3, ~> 1.3)
    tilt (1.3.3)
    wlang (0.10.2)
    xpath (0.1.4)
      nokogiri (~> 1.3)

PLATFORMS
  ruby

DEPENDENCIES
  capybara (~> 1.1.0)
  grit!
  http (~> 0.0.1)
  kramdown (~> 0.13.3)
  rake (~> 0.9.2)
  sinatra (~> 1.3.0)
  websync!
  wlang (~> 0.10.2)
