GIT
  remote: git://github.com/blambeau/polygon
  revision: 9e92d077830d2066a14d93546e4cd266b3fe973c
  specs:
    polygon (0.10.1)
      alf-core (~> 0.16)
      http (~> 0.0.1)
      launchy (~> 2.0)
      path (~> 1.3)
      quickl (~> 0.4.2)
      sinatra (~> 1.4)
      wlang (~> 2.1)

GEM
  remote: https://rubygems.org/
  specs:
    addressable (2.3.6)
    alf-core (0.16.3)
      domain (~> 1.0)
      myrrha (~> 3.0)
      path (~> 1.3)
      sexpr (~> 0.6.0)
    backports (2.8.2)
    citrus (3.0.1)
    coderay (1.1.0)
    daemons (1.1.9)
    diff-lcs (1.2.5)
    domain (1.0.0)
    eventmachine (1.0.3)
    eventmachine (1.0.3-x86-mingw32)
    ffi (1.9.5)
    ffi (1.9.5-x86-mingw32)
    formatador (0.2.5)
    guard (1.8.3)
      formatador (>= 0.2.4)
      listen (~> 1.3)
      lumberjack (>= 1.0.2)
      pry (>= 0.9.10)
      thor (>= 0.14.6)
    guard-shell (0.5.2)
      guard (>= 1.1.0)
    http (0.0.2)
    launchy (2.4.2)
      addressable (~> 2.3)
    listen (1.3.1)
      rb-fsevent (>= 0.9.3)
      rb-inotify (>= 0.9)
      rb-kqueue (>= 0.2)
    lumberjack (1.0.9)
    method_source (0.8.2)
    myrrha (3.1.0)
      domain (~> 1.0)
    path (1.3.3)
    pry (0.10.1)
      coderay (~> 1.1.0)
      method_source (~> 0.8.1)
      slop (~> 3.4)
    pry (0.10.1-x86-mingw32)
      coderay (~> 1.1.0)
      method_source (~> 0.8.1)
      slop (~> 3.4)
      win32console (~> 1.3)
    quickl (0.4.3)
    rack (1.5.2)
    rack-protection (1.5.3)
      rack
    rack-test (0.6.2)
      rack (>= 1.0)
    rake (10.3.2)
    rb-fsevent (0.9.4)
    rb-inotify (0.9.5)
      ffi (>= 0.5.0)
    rb-kqueue (0.2.3)
      ffi (>= 0.5.0)
    redcarpet (2.0.1)
    rspec (2.99.0)
      rspec-core (~> 2.99.0)
      rspec-expectations (~> 2.99.0)
      rspec-mocks (~> 2.99.0)
    rspec-core (2.99.2)
    rspec-expectations (2.99.2)
      diff-lcs (>= 1.1.3, < 2.0)
    rspec-mocks (2.99.2)
    sexpr (0.6.0)
    sinatra (1.4.5)
      rack (~> 1.4)
      rack-protection (~> 1.4)
      tilt (~> 1.3, >= 1.3.4)
    slop (3.6.0)
    temple (0.6.8)
    thin (1.5.0)
      daemons (>= 1.0.9)
      eventmachine (>= 0.12.6)
      rack (>= 1.0.0)
    thor (0.19.1)
    tilt (1.4.1)
    win32console (1.3.2-x86-mingw32)
    wlang (2.3.0)
      backports (~> 2.6)
      citrus (>= 2.4, < 4.0)
      path (~> 1.3)
      quickl (~> 0.4.3)
      temple (~> 0.6)

PLATFORMS
  ruby
  x86-mingw32

DEPENDENCIES
  alf-core (~> 0.16.3)
  eventmachine (~> 1.0.0.beta.4)
  guard (~> 1.1)
  guard-shell (~> 0.5.1)
  http (~> 0.0.1)
  launchy (~> 2.0)
  polygon!
  quickl (~> 0.4.2)
  rack-test (~> 0.6.1)
  rake (~> 10.0)
  redcarpet (~> 2.0.1)
  rspec (~> 2.10)
  sinatra (~> 1.4)
  thin (= 1.5.0)
  wlang (~> 2.3)
