GEM
  remote: http://rubygems.org/
  specs:
    capybara (1.1.1)
      mime-types (>= 1.16)
      nokogiri (>= 1.3.3)
      rack (>= 1.0.0)
      rack-test (>= 0.5.4)
      selenium-webdriver (~> 2.0)
      xpath (~> 0.1.4)
    childprocess (0.2.2)
      ffi (~> 1.0.6)
    ffi (1.0.9)
    json_pure (1.6.1)
    mime-types (1.16)
    nokogiri (1.5.0)
    rack (1.3.4)
    rack-protection (1.1.4)
      rack
    rack-test (0.5.7)
      rack (>= 1.0)
    rake (0.9.2)
    rubyzip (0.9.4)
    selenium-webdriver (2.8.0)
      childprocess (>= 0.2.1)
      ffi (>= 1.0.7)
      json_pure
      rubyzip
    sinatra (1.3.1)
      rack (~> 1.3, >= 1.3.4)
      rack-protection (~> 1.1, >= 1.1.2)
      tilt (~> 1.3, >= 1.3.3)
    tilt (1.3.3)
    wlang (0.10.2)
    xpath (0.1.4)
      nokogiri (~> 1.3)

PLATFORMS
  ruby

DEPENDENCIES
  capybara (~> 1.1.0)
  rake (~> 0.9.2)
  sinatra (~> 1.3.0)
  wlang (~> 0.10.2)
