GIT
  remote: git://github.com/blambeau/epath.git
  revision: af828a903e66268334e7857b3c622438af4c2a7d
  specs:
    epath (0.0.1)

GIT
  remote: git://github.com/blambeau/grit.git
  revision: 099fed8c32ffe910836abbabc9a6997de55e5783
  specs:
    grit (2.4.1)
      diff-lcs (~> 1.1)
      mime-types (~> 1.15)
      posix-spawn (~> 0.3.6)

GIT
  remote: git://github.com/blambeau/websync.git
  revision: 24c04ba1f0e248f9057078dc38d87362f45fff10
  tag: v0.0.1
  specs:
    websync (0.0.1)
      grit (~> 2.4.1)

GEM
  remote: http://rubygems.org/
  specs:
    addressable (2.2.6)
    diff-lcs (1.1.3)
    http (0.0.2)
    kramdown (0.13.3)
    launchy (2.0.5)
      addressable (~> 2.2.6)
    mime-types (1.17.2)
    posix-spawn (0.3.6)
    rack (1.3.5)
    rack-protection (1.1.4)
      rack
    rack-test (0.6.1)
      rack (>= 1.0)
    rake (0.9.2.2)
    sinatra (1.3.1)
      rack (~> 1.3, >= 1.3.4)
      rack-protection (~> 1.1, >= 1.1.2)
      tilt (~> 1.3, >= 1.3.3)
    tilt (1.3.3)
    wlang (0.10.2)

PLATFORMS
  ruby
  x86-mingw32

DEPENDENCIES
  epath!
  grit!
  http (~> 0.0.1)
  kramdown (~> 0.13.3)
  launchy (~> 2.0.5)
  rack-test (~> 0.6.1)
  rake (~> 0.9.2)
  sinatra (~> 1.3.0)
  websync!
  wlang (~> 0.10.2)
